PATH
  remote: ../../FooBarWidget/daemon_controller
  specs:
    daemon_controller (1.2.1)

PATH
  remote: .
  specs:
    static-rails (0.0.1)
      daemon_controller

GEM
  remote: https://rubygems.org/
  specs:
    ast (2.4.0)
    jaro_winkler (1.5.4)
    minitest (5.14.0)
    parallel (1.19.1)
    parser (2.7.1.1)
      ast (~> 2.4.0)
    rainbow (3.0.0)
    rake (13.0.1)
    rexml (3.2.4)
    rubocop (0.80.1)
      jaro_winkler (~> 1.5.1)
      parallel (~> 1.10)
      parser (>= 2.7.0.1)
      rainbow (>= 2.2.2, < 4.0)
      rexml
      ruby-progressbar (~> 1.7)
      unicode-display_width (>= 1.4.0, < 1.7)
    rubocop-performance (1.5.2)
      rubocop (>= 0.71.0)
    ruby-progressbar (1.10.1)
    standard (0.2.5)
      rubocop (~> 0.80.1)
      rubocop-performance (~> 1.5.2)
    unicode-display_width (1.6.1)

PLATFORMS
  ruby

DEPENDENCIES
  daemon_controller!
  minitest (~> 5.0)
  rake (~> 13.0)
  standard
  static-rails!

BUNDLED WITH
   2.1.4
